PATH
  remote: .
  specs:
    json_api_resource (0.3.6)
      json_api_client (~> 0.5)
      json_api_client_mock (~> 0.2)

GEM
  remote: http://rubygems.org/
  specs:
    activesupport (4.2.3)
      i18n (~> 0.7)
      json (~> 1.7, >= 1.7.7)
      minitest (~> 5.1)
      thread_safe (~> 0.3, >= 0.3.4)
      tzinfo (~> 1.1)
    addressable (2.3.2)
    crack (0.3.2)
    faraday (0.8.9)
      multipart-post (~> 1.2.0)
    i18n (0.7.0)
    json (1.8.3)
    json_api_client (0.9.2)
      activesupport
      addressable (~> 2.2)
      faraday (~> 0.8.0)
    json_api_client_mock (0.2.4)
      json_api_client (>= 0.3.4)
      mocha
    metaclass (0.0.4)
    minitest (5.7.0)
    mocha (1.1.0)
      metaclass (~> 0.0.1)
    multipart-post (1.2.0)
    rake (0.9.4)
    thread_safe (0.3.5)
    tzinfo (1.2.2)
      thread_safe (~> 0.1)
    webmock (1.9.0)
      addressable (>= 2.2.7)
      crack (>= 0.1.7)

PLATFORMS
  ruby

DEPENDENCIES
  json_api_resource!
  rake
  webmock (> 0)
