PATH
  remote: .
  specs:
    json_api_resource (3.1.3)
      activemodel
      activesupport
      json_api_client (~> 0.5)
      json_api_client_mock (~> 0.2)
      multiconnect

GEM
  remote: http://rubygems.org/
  specs:
    activemodel (6.0.3.2)
      activesupport (= 6.0.3.2)
    activesupport (6.0.3.2)
      concurrent-ruby (~> 1.0, >= 1.0.2)
      i18n (>= 0.7, < 2)
      minitest (~> 5.1)
      tzinfo (~> 1.1)
      zeitwerk (~> 2.2, >= 2.2.2)
    addressable (2.3.2)
    concurrent-ruby (1.1.7)
    crack (0.3.2)
    docile (1.1.5)
    faraday (0.9.2)
      multipart-post (>= 1.2, < 3)
    i18n (1.8.5)
      concurrent-ruby (~> 1.0)
    json (1.8.3)
    json_api_client (0.9.6)
      activesupport
      addressable (~> 2.2)
      faraday (>= 0.8.0)
    json_api_client_mock (0.3.0)
      json_api_client (>= 0.3.4)
      mocha
    metaclass (0.0.4)
    minitest (5.14.2)
    minitest-stub_any_instance (1.0.1)
    mocha (1.1.0)
      metaclass (~> 0.0.1)
    multiconnect (0.2.0)
      activesupport
    multipart-post (2.0.0)
    rake (0.9.4)
    simplecov (0.10.0)
      docile (~> 1.1.0)
      json (~> 1.8)
      simplecov-html (~> 0.10.0)
    simplecov-html (0.10.0)
    thread_safe (0.3.6)
    tzinfo (1.2.7)
      thread_safe (~> 0.1)
    webmock (1.9.0)
      addressable (>= 2.2.7)
      crack (>= 0.1.7)
    zeitwerk (2.4.0)

PLATFORMS
  ruby

DEPENDENCIES
  json_api_resource!
  minitest-stub_any_instance
  rake
  simplecov
  webmock (> 0)

BUNDLED WITH
   1.12.5
